GEM
  specs:
    mocha (0.9.8)
      rake
    not_a_mock (1.0.1)
    rake (0.8.7)
    rr (1.0.2)
    rspec (1.3.1)

PLATFORMS
  ruby

DEPENDENCIES
  mocha (= 0.9.8)
  not_a_mock (= 1.0.1)
  rr (= 1.0.2)
  rspec (= 1.3.1)
