PATH
  remote: .
  specs:
    rspec-multi-mock (0.2.1)
      rspec (>= 2.3.0)

GEM
  remote: http://rubygems.org/
  specs:
    diff-lcs (1.1.3)
    mocha (0.9.12)
    not_a_mock (1.0.1)
    rake (0.9.2.2)
    rr (1.0.4)
    rspec (2.11.0)
      rspec-core (~> 2.11.0)
      rspec-expectations (~> 2.11.0)
      rspec-mocks (~> 2.11.0)
    rspec-core (2.11.1)
    rspec-expectations (2.11.3)
      diff-lcs (~> 1.1.3)
    rspec-mocks (2.11.3)

PLATFORMS
  ruby

DEPENDENCIES
  mocha (~> 0.9.8)
  not_a_mock (~> 1.0.1)
  rake
  rr (~> 1.0.2)
  rspec-multi-mock!
